PATH
  remote: ../bookdown
  specs:
    bookdown (0.1.0)
      methadone
      redcarpet
      sass

GEM
  remote: https://rubygems.org/
  specs:
    methadone (1.9.5)
      bundler
    rake (12.0.0)
    redcarpet (3.4.0)
    sass (3.4.23)

PLATFORMS
  ruby

DEPENDENCIES
  bookdown!
  rake
  redcarpet
  sass
