GEM
  remote: https://rubygems.org/
  specs:
    redcarpet (3.4.0)
    sass (3.4.23)

PLATFORMS
  ruby

DEPENDENCIES
  redcarpet
  sass

BUNDLED WITH
   1.13.6
